PATH
  remote: ../opal-phaser
  specs:
    opal-phaser (0.0.1)
      opal (= 0.7.0.beta3)

GEM
  remote: https://rubygems.org/
  specs:
    coderay (1.1.0)
    hike (1.2.3)
    method_source (0.8.2)
    multi_json (1.10.1)
    opal (0.7.0.beta3)
      hike (~> 1.2)
      sourcemap (~> 0.1.0)
      sprockets (>= 2.2.3, < 4.0.0)
      tilt (~> 1.4)
    pry (0.10.1)
      coderay (~> 1.1.0)
      method_source (~> 0.8.1)
      slop (~> 3.4)
    rack (1.6.0)
    rack-protection (1.5.3)
      rack
    sinatra (1.4.5)
      rack (~> 1.4)
      rack-protection (~> 1.4)
      tilt (~> 1.3, >= 1.3.4)
    slop (3.6.0)
    sourcemap (0.1.1)
    sprockets (2.12.3)
      hike (~> 1.2)
      multi_json (~> 1.0)
      rack (~> 1.0)
      tilt (~> 1.1, != 1.3.0)
    tilt (1.4.1)

PLATFORMS
  ruby

DEPENDENCIES
  opal
  opal-phaser!
  pry
  sinatra
